GEM
  remote: https://rubygems.org/
  specs:
    faker (1.6.3)
      i18n (~> 0.5)
    i18n (0.7.0)
    puma (3.4.0)
    rack (1.6.4)
    ruby_cowsay (0.1.1)
    sinatra (1.1.0)
      rack (~> 1.1)
      tilt (~> 1.1)
    tilt (1.4.1)

PLATFORMS
  ruby

DEPENDENCIES
  faker
  puma
  ruby_cowsay
  sinatra (= 1.1.0)

BUNDLED WITH
   1.12.1
